GIT
  remote: git@bitbucket.org:herron_todd_white/ci_tasks.git
  revision: 2bdb7dac6e4ccb45cb7442b04250fd9906c5d626
  specs:
    ci_tasks (0.0.15)
      ci_reporter
      fuubar
      git
      magic_encoding
      pry
      pry-nav
      rake
      rspec
      rspec_junit_formatter
      simplecov

GIT
  remote: git@bitbucket.org:herron_todd_white/sinatra_rest.git
  revision: 8eb46718bbd4aa1589e9219ba77efd3e6f39b58f
  specs:
    sinatra_rest (0.0.8)
      newrelic_rpm
      yell

GIT
  remote: https://github.com/CloCkWeRX/wash_out.git
  revision: c258cd6cfff6bbd3166e0adf98e939caae98570a
  specs:
    wash_out (0.9.1)
      nori (>= 2.0.0)

GEM
  remote: https://rubygems.org/
  specs:
    activesupport (4.0.3)
      i18n (~> 0.6, >= 0.6.4)
      minitest (~> 4.2)
      multi_json (~> 1.3)
      thread_safe (~> 0.1)
      tzinfo (~> 0.3.37)
    addressable (2.3.5)
    atomic (1.1.14)
    backports (3.6.0)
    builder (3.2.2)
    bundler-audit (0.3.0)
      bundler (~> 1.2)
    celluloid (0.15.2)
      timers (~> 1.1.0)
    celluloid-io (0.15.0)
      celluloid (>= 0.15.0)
      nio4r (>= 0.5.0)
    ci_reporter (1.9.1)
      builder (>= 2.1.2)
    coderay (1.1.0)
    crack (0.4.2)
      safe_yaml (~> 1.0.0)
    daemons (1.1.9)
    diff-lcs (1.2.5)
    docile (1.1.3)
    eventmachine (1.0.3)
    factory_girl (4.4.0)
      activesupport (>= 3.0.0)
    ffi (1.9.3)
    formatador (0.2.4)
    fuubar (1.3.2)
      rspec (>= 2.14.0, < 3.1.0)
      ruby-progressbar (~> 1.3)
    git (1.2.6)
    guard (2.5.1)
      formatador (>= 0.2.4)
      listen (~> 2.6)
      lumberjack (~> 1.0)
      pry (>= 0.9.12)
      thor (>= 0.18.1)
    guard-bundler (2.0.0)
      bundler (~> 1.0)
      guard (~> 2.2)
    guard-rack (1.4.0)
      ffi
      guard
      libnotify
      rb-inotify
      spoon
    guard-rspec (4.2.7)
      guard (~> 2.1)
      rspec (>= 2.14, < 4.0)
    i18n (0.6.9)
    libnotify (0.8.2)
      ffi (>= 1.0.11)
    listen (2.6.1)
      celluloid (>= 0.15.2)
      celluloid-io (>= 0.15.0)
      rb-fsevent (>= 0.9.3)
      rb-inotify (>= 0.9)
    lumberjack (1.0.4)
    magic_encoding (0.0.2)
    method_source (0.8.2)
    minitest (4.7.5)
    multi_json (1.8.4)
    newrelic_rpm (3.7.2.195)
    nio4r (1.0.0)
    nori (2.4.0)
    pry (0.9.12.6)
      coderay (~> 1.0)
      method_source (~> 0.8)
      slop (~> 3.4)
    pry-nav (0.2.3)
      pry (~> 0.9.10)
    psych (2.0.4)
    rabl (0.9.3)
      activesupport (>= 2.3.14)
    rack (1.5.2)
    rack-protection (1.5.2)
      rack
    rack-test (0.6.2)
      rack (>= 1.0)
    racksh (1.0.0)
      rack (>= 1.0)
      rack-test (>= 0.5)
    rake (10.1.1)
    rb-fsevent (0.9.4)
    rb-inotify (0.9.3)
      ffi (>= 0.5.0)
    rspec (2.14.1)
      rspec-core (~> 2.14.0)
      rspec-expectations (~> 2.14.0)
      rspec-mocks (~> 2.14.0)
    rspec-core (2.14.7)
    rspec-expectations (2.14.5)
      diff-lcs (>= 1.1.3, < 2.0)
    rspec-mocks (2.14.6)
    rspec_junit_formatter (0.1.6)
      builder
      rspec (~> 2.0)
      rspec-core (!= 2.12.0)
    ruby-progressbar (1.4.1)
    ruby_gntp (0.3.4)
    safe_yaml (1.0.1)
    settingslogic (2.0.9)
    shotgun (0.9)
      rack (>= 1.0)
    shoulda-matchers (2.5.0)
      activesupport (>= 3.0.0)
    simplecov (0.8.2)
      docile (~> 1.1.0)
      multi_json
      simplecov-html (~> 0.8.0)
    simplecov-html (0.8.0)
    sinatra (1.4.4)
      rack (~> 1.4)
      rack-protection (~> 1.4)
      tilt (~> 1.3, >= 1.3.4)
    sinatra-contrib (1.4.2)
      backports (>= 2.0)
      multi_json
      rack-protection
      rack-test
      sinatra (~> 1.4.0)
      tilt (~> 1.3)
    sinatra-reloader (1.0)
      sinatra-contrib
    slop (3.4.7)
    spoon (0.0.4)
      ffi
    thin (1.6.1)
      daemons (>= 1.0.9)
      eventmachine (>= 1.0.0)
      rack (>= 1.0.0)
    thor (0.18.1)
    thread_safe (0.1.3)
      atomic
    tilt (1.4.1)
    timecop (0.7.1)
    timers (1.1.0)
    tzinfo (0.3.38)
    vcr (2.8.0)
    webmock (1.17.3)
      addressable (>= 2.2.7)
      crack (>= 0.3.2)
    yell (2.0.3)

PLATFORMS
  ruby

DEPENDENCIES
  bundler-audit
  ci_tasks!
  factory_girl
  guard
  guard-bundler
  guard-rack
  guard-rspec
  pry
  pry-nav
  psych
  rabl
  rack-test
  racksh
  rake
  rspec
  rspec-mocks
  ruby_gntp
  settingslogic
  shotgun
  shoulda-matchers
  simplecov
  sinatra
  sinatra-reloader
  sinatra_rest!
  thin
  timecop
  vcr
  wash_out!
  webmock
